GEM
  remote: https://rubygems.org/
  specs:
    activesupport (5.2.0)
      concurrent-ruby (~> 1.0, >= 1.0.2)
      i18n (>= 0.7, < 2)
      minitest (~> 5.1)
      tzinfo (~> 1.1)
    concurrent-ruby (1.0.5)
    fetcher (0.4.5)
      logutils (>= 0.6)
    gli (2.17.1)
    i18n (1.0.1)
      concurrent-ruby (~> 1.0)
    iniparser (0.1.0)
    kramdown (1.17.0)
    liquid (4.0.0)
    logutils (0.6.1)
    minitest (5.11.3)
    pakman (1.1.0)
      fetcher (>= 0.4.5)
      liquid (>= 4.0.0)
      logutils (>= 0.6.1)
    props (1.2.0)
      iniparser (>= 0.1.0)
    rubyzip (1.2.1)
    slideshow (4.0.0)
      gli (>= 2.13.4)
      slideshow-models (>= 4.0.0)
    slideshow-models (4.0.1)
      activesupport
      kramdown (>= 1.15.0)
      logutils (>= 0.6.1)
      pakman (>= 1.0.0)
      props (>= 1.2.0)
      textutils (>= 1.4.0)
    textutils (1.4.0)
      activesupport
      logutils (>= 0.6.1)
      props (>= 1.1.2)
      rubyzip (>= 1.0.0)
    thread_safe (0.3.6)
    tzinfo (1.2.5)
      thread_safe (~> 0.1)

PLATFORMS
  ruby

DEPENDENCIES
  slideshow!

BUNDLED WITH
   1.16.2
